GIT
  remote: git://github.com/padrino/padrino-framework.git
  revision: 753e64b11ae9d9f929e3d4c1f4393a13a369ebf3
  specs:
    padrino (0.9.29)
      padrino-admin (= 0.9.29)
      padrino-cache (= 0.9.29)
      padrino-core (= 0.9.29)
      padrino-gen (= 0.9.29)
      padrino-helpers (= 0.9.29)
      padrino-mailer (= 0.9.29)
    padrino-admin (0.9.29)
      padrino-core (= 0.9.29)
      padrino-helpers (= 0.9.29)
    padrino-cache (0.9.29)
      padrino-core (= 0.9.29)
    padrino-core (0.9.29)
      activesupport (~> 3.0.0)
      http_router (~> 0.8.5)
      sinatra (~> 1.2.6)
      thor (~> 0.14.3)
      tilt (~> 1.3.0)
    padrino-gen (0.9.29)
      bundler (~> 1.0.2)
      grit (~> 2.4.1)
      padrino-core (= 0.9.29)
    padrino-helpers (0.9.29)
      i18n (~> 0.5.0)
      padrino-core (= 0.9.29)
    padrino-mailer (0.9.29)
      mail (~> 2.3.0)
      padrino-core (= 0.9.29)

GEM
  remote: http://rubygems.org/
  specs:
    activemodel (3.0.8)
      activesupport (= 3.0.8)
      builder (~> 2.1.2)
      i18n (~> 0.5.0)
    activesupport (3.0.8)
    bcrypt-ruby (2.1.4)
    bson (1.3.1)
    bson_ext (1.3.1)
    builder (2.1.2)
    capybara (0.4.1.2)
      celerity (>= 0.7.9)
      culerity (>= 0.2.4)
      mime-types (>= 1.16)
      nokogiri (>= 1.3.3)
      rack (>= 1.0.0)
      rack-test (>= 0.5.4)
      selenium-webdriver (>= 0.0.27)
      xpath (~> 0.1.3)
    celerity (0.8.9)
    childprocess (0.1.9)
      ffi (~> 1.0.6)
    culerity (0.2.15)
    database_cleaner (0.6.7)
    diff-lcs (1.1.2)
    faker (0.9.5)
      i18n (~> 0.4)
    ffi (1.0.9)
    grit (2.4.1)
      diff-lcs (~> 1.1)
      mime-types (~> 1.15)
    haml (3.1.2)
    http_router (0.8.6)
      rack (>= 1.0.0)
      url_mount (~> 0.2.1)
    i18n (0.5.0)
    json_pure (1.5.1)
    machinist (1.0.6)
    machinist_mongo (1.2.0)
      machinist (~> 1.0.6)
    mail (2.3.0)
      i18n (>= 0.4.0)
      mime-types (~> 1.16)
      treetop (~> 1.4.8)
    melee (0.0.1)
      riot (~> 0.12.1)
    mime-types (1.16)
    mongo (1.3.1)
      bson (>= 1.3.1)
    mongoid (2.0.2)
      activemodel (~> 3.0)
      mongo (~> 1.3)
      tzinfo (~> 0.3.22)
    nokogiri (1.4.4)
    polyglot (0.3.1)
    rabl (0.2.8)
    rack (1.3.0)
    rack-flash (0.1.1)
      rack
    rack-test (0.6.0)
      rack (>= 1.0)
    rake (0.9.2)
    riot (0.12.4)
      rr
    riot-mongoid (2.0.0.beta.rc.7)
      mongoid (~> 2.0.0.beta.rc.7)
      riot (~> 0.12.3)
    rr (1.0.2)
    rubyzip (0.9.4)
    sass (3.1.2)
    selenium-webdriver (0.2.1)
      childprocess (>= 0.1.7)
      ffi (>= 1.0.7)
      json_pure
      rubyzip
    sinatra (1.2.6)
      rack (~> 1.1)
      tilt (< 2.0, >= 1.2.2)
    thor (0.14.6)
    tilt (1.3.2)
    treetop (1.4.9)
      polyglot (>= 0.3.1)
    tzinfo (0.3.27)
    url_mount (0.2.1)
      rack
    watchr (0.7)
    xpath (0.1.4)
      nokogiri (~> 1.3)

PLATFORMS
  ruby

DEPENDENCIES
  bcrypt-ruby
  bson_ext
  capybara
  database_cleaner
  faker
  haml
  machinist
  machinist_mongo
  melee
  mongoid (~> 2.0)
  padrino!
  rabl
  rack-flash
  rack-test
  rake
  riot
  riot-mongoid (= 2.0.0.beta.rc.7)
  rr
  sass
  watchr
